GEM
  remote: http://rubygems.org/
  specs:
    childprocess (0.5.5)
      ffi (~> 1.0, >= 1.0.11)
    chunky_png (1.3.3)
    ffi (1.9.6)
    multi_json (1.10.1)
    oily_png (1.1.2)
      chunky_png (~> 1.3.1)
    rubyzip (1.1.6)
    selenium-webdriver (2.43.0)
      childprocess (~> 0.5)
      multi_json (~> 1.0)
      rubyzip (~> 1.0)
      websocket (~> 1.0)
    websocket (1.2.1)

PLATFORMS
  ruby

DEPENDENCIES
  oily_png
  selenium-webdriver
